PATH
  remote: .
  specs:
    ruby-ldap-ext (0.1)
      net-ldap (~> 0.9)

GEM
  remote: https://rubygems.org/
  specs:
    net-ldap (0.9.0)

PLATFORMS
  ruby

DEPENDENCIES
  ruby-ldap-ext!
